GEM
  remote: https://rubygems.org/
  specs:
    mini_portile2 (2.8.7)
    nokogiri (1.15.6)
      mini_portile2 (~> 2.8.2)
      racc (~> 1.4)
    racc (1.8.0)
    sqlite3 (1.5.4)

PLATFORMS
  ruby

DEPENDENCIES
  nokogiri (~> 1.15)
  sqlite3 (~> 1.5)

BUNDLED WITH
   2.2.32
