GEM
  remote: https://rubygems.org/
  specs:
    sqlite3 (1.5.4)

PLATFORMS
  ruby

DEPENDENCIES
  sqlite3 (~> 1.5)

BUNDLED WITH
   2.2.32
